GEM
  remote: https://rubygems.org/
  specs:
    nokogiri (1.5.9)
    sanitize (2.0.3)
      nokogiri (>= 1.4.4, < 1.6)
      nokogiri (>= 1.4.4, < 1.6)
    xmpp4r (0.5)

PLATFORMS
  ruby

DEPENDENCIES
  sanitize
  xmpp4r
